GEM
  remote: https://rubygems.org/
  specs:
    coderay (1.1.3)
    csv (3.2.8)
    method_source (1.0.0)
    pry (0.14.2)
      coderay (~> 1.1)
      method_source (~> 1.0)
    rake (13.1.0)

PLATFORMS
  x86_64-darwin-21

DEPENDENCIES
  csv
  pry
  rake (~> 13.0)

BUNDLED WITH
   2.3.8
